GEM
  remote: https://rubygems.org/
  specs:
    activesupport (6.1.4.1)
      concurrent-ruby (~> 1.0, >= 1.0.2)
      i18n (>= 1.6, < 2)
      minitest (>= 5.1)
      tzinfo (~> 2.0)
      zeitwerk (~> 2.3)
    addressable (2.8.0)
      public_suffix (>= 2.0.2, < 5.0)
    algolia (2.1.1)
      faraday (>= 0.15, < 2.0)
      multi_json (~> 1.0)
      net-http-persistent
    aws-eventstream (1.2.0)
    aws-partitions (1.498.0)
    aws-sdk-core (3.121.0)
      aws-eventstream (~> 1, >= 1.0.2)
      aws-partitions (~> 1, >= 1.239.0)
      aws-sigv4 (~> 1.1)
      jmespath (~> 1.0)
    aws-sdk-kms (1.48.0)
      aws-sdk-core (~> 3, >= 3.120.0)
      aws-sigv4 (~> 1.1)
    aws-sdk-s3 (1.96.2)
      aws-sdk-core (~> 3, >= 3.112.0)
      aws-sdk-kms (~> 1)
      aws-sigv4 (~> 1.1)
    aws-sigv4 (1.4.0)
      aws-eventstream (~> 1, >= 1.0.2)
    bibtex-ruby (6.0.0)
      latex-decode (~> 0.0)
    cnccs (0.1.6)
    concurrent-ruby (1.1.9)
    connection_pool (2.2.5)
    crack (0.4.5)
      rexml
    diff-lcs (1.4.4)
    docile (1.4.0)
    domain_name (0.5.20190701)
      unf (>= 0.0.5, < 1.0.0)
    faraday (1.7.1)
      faraday-em_http (~> 1.0)
      faraday-em_synchrony (~> 1.0)
      faraday-excon (~> 1.1)
      faraday-httpclient (~> 1.0.1)
      faraday-net_http (~> 1.0)
      faraday-net_http_persistent (~> 1.1)
      faraday-patron (~> 1.0)
      faraday-rack (~> 1.0)
      multipart-post (>= 1.2, < 3)
      ruby2_keywords (>= 0.0.4)
    faraday-em_http (1.0.0)
    faraday-em_synchrony (1.0.0)
    faraday-excon (1.1.0)
    faraday-httpclient (1.0.1)
    faraday-net_http (1.0.1)
    faraday-net_http_persistent (1.2.0)
    faraday-patron (1.0.0)
    faraday-rack (1.0.0)
    faraday_middleware (1.1.0)
      faraday (~> 1.0)
    gb-agencies (0.0.7)
    graphql (1.12.16)
    graphql-client (0.16.0)
      activesupport (>= 3.0)
      graphql (~> 1.8)
    hashdiff (1.0.1)
    http-cookie (1.0.5)
      domain_name (~> 0.5)
    i18n (1.8.10)
      concurrent-ruby (~> 1.0)
    iso639 (1.3.2)
    isoics (0.1.10)
    jmespath (1.4.0)
    latex-decode (0.3.2)
    mechanize (2.8.5)
      addressable (~> 2.8)
      domain_name (~> 0.5, >= 0.5.20190701)
      http-cookie (~> 1.0, >= 1.0.3)
      mime-types (~> 3.0)
      net-http-digest_auth (~> 1.4, >= 1.4.1)
      net-http-persistent (>= 2.5.2, < 5.0.dev)
      nokogiri (~> 1.11, >= 1.11.2)
      rubyntlm (~> 0.6, >= 0.6.3)
      webrick (~> 1.7)
      webrobots (~> 0.1.2)
    mime-types (3.4.1)
      mime-types-data (~> 3.2015)
    mime-types-data (3.2022.0105)
    mini_portile2 (2.8.0)
    minitest (5.14.4)
    multi_json (1.15.0)
    multipart-post (2.1.1)
    net-http-digest_auth (1.4.1)
    net-http-persistent (4.0.1)
      connection_pool (~> 2.2)
    nokogiri (1.13.6)
      mini_portile2 (~> 2.8.0)
      racc (~> 1.4)
    nokogiri (1.13.6-x86_64-darwin)
      racc (~> 1.4)
    public_suffix (4.0.7)
    racc (1.6.0)
    relaton (1.9.1)
      relaton-bipm (~> 1.9.0)
      relaton-bsi (~> 1.9.0)
      relaton-calconnect (~> 1.9.0)
      relaton-cen (~> 1.9.0)
      relaton-cie (~> 1.9.0)
      relaton-ecma (~> 1.9.0)
      relaton-gb (~> 1.9.0)
      relaton-iec (~> 1.9.0)
      relaton-ieee (~> 1.9.0)
      relaton-ietf (~> 1.9.0)
      relaton-iho (~> 1.9.0)
      relaton-iso (~> 1.9.0)
      relaton-itu (~> 1.9.0)
      relaton-nist (>= 1.9.2)
      relaton-ogc (~> 1.9.0)
      relaton-omg (~> 1.9.0)
      relaton-un (~> 1.9.0)
      relaton-w3c (~> 1.9.0)
    relaton-bib (1.9.1)
      addressable
      bibtex-ruby
      iso639
      nokogiri
    relaton-bipm (1.9.0)
      mechanize (~> 2.8.0)
      relaton-bib (~> 1.9.0)
      serrano (~> 1.0)
    relaton-bsi (1.9.0)
      algolia (~> 2.1.1)
      graphql-client (~> 0.16.0)
      relaton-iso-bib (~> 1.9.0)
    relaton-calconnect (1.9.2)
      faraday
      relaton-bib (~> 1.9.0)
    relaton-cen (1.9.1)
      mechanize
      relaton-iso-bib (~> 1.9.0)
    relaton-cie (1.9.1)
      mechanize (~> 2.8.0)
      relaton-bib (~> 1.9.0)
    relaton-ecma (1.9.0)
      relaton-bib (~> 1.9.0)
    relaton-gb (1.9.0)
      cnccs (~> 0.1.1)
      gb-agencies (~> 0.0.1)
      relaton-iso-bib (>= 1.9.0)
    relaton-iec (1.9.0)
      addressable
      relaton-iso-bib (~> 1.9.0)
    relaton-ieee (1.9.0)
      faraday (~> 1.1)
      relaton-bib (~> 1.9.0)
    relaton-ietf (1.9.0)
      relaton-bib (~> 1.9.0)
    relaton-iho (1.9.0)
      relaton-bib (~> 1.9.0)
    relaton-iso (1.9.0)
      algolia
      relaton-iso-bib (~> 1.9.0)
    relaton-iso-bib (1.9.0)
      isoics (~> 0.1.6)
      relaton-bib (~> 1.9.0)
    relaton-itu (1.9.0)
      mechanize (~> 2.8.0)
      relaton-bib (~> 1.9.0)
    relaton-nist (1.9.2)
      relaton-bib (~> 1.9.0)
      rubyzip
    relaton-ogc (1.9.1)
      faraday (~> 1.1)
      relaton-iso-bib (~> 1.9.0)
    relaton-omg (1.9.0)
      relaton-bib (~> 1.9.0)
    relaton-un (1.9.0)
      faraday
      http-cookie
      relaton-bib (~> 1.9.0)
      unf_ext (>= 0.0.7.7)
    relaton-w3c (1.9.0)
      relaton-bib (>= 1.9.0)
    rexml (3.2.5)
    rspec (3.10.0)
      rspec-core (~> 3.10.0)
      rspec-expectations (~> 3.10.0)
      rspec-mocks (~> 3.10.0)
    rspec-core (3.10.1)
      rspec-support (~> 3.10.0)
    rspec-expectations (3.10.1)
      diff-lcs (>= 1.2.0, < 2.0)
      rspec-support (~> 3.10.0)
    rspec-mocks (3.10.2)
      diff-lcs (>= 1.2.0, < 2.0)
      rspec-support (~> 3.10.0)
    rspec-support (3.10.2)
    ruby2_keywords (0.0.5)
    rubyntlm (0.6.3)
    rubyzip (2.3.2)
    serrano (1.0.0)
      faraday (~> 1.1)
      faraday_middleware (~> 1.0)
      multi_json (~> 1.15)
      thor (~> 1.0, >= 1.0.1)
    simplecov (0.21.2)
      docile (~> 1.1)
      simplecov-html (~> 0.11)
      simplecov_json_formatter (~> 0.1)
    simplecov-html (0.12.3)
    simplecov_json_formatter (0.1.3)
    thor (1.1.0)
    tzinfo (2.0.4)
      concurrent-ruby (~> 1.0)
    unf (0.1.4)
      unf_ext
    unf_ext (0.0.8.2)
    vcr (6.0.0)
    webmock (3.14.0)
      addressable (>= 2.8.0)
      crack (>= 0.3.2)
      hashdiff (>= 0.4.0, < 2.0.0)
    webrick (1.7.0)
    webrobots (0.1.2)
    zeitwerk (2.4.2)

PLATFORMS
  ruby
  x86_64-darwin-20

DEPENDENCIES
  aws-sdk-s3 (~> 1.96.0)
  relaton (~> 1.9.0)
  rspec
  simplecov
  vcr
  webmock

BUNDLED WITH
   2.2.21
