GEM
  remote: https://rubygems.org/
  specs:
    activesupport (7.1.3)
      base64
      bigdecimal
      concurrent-ruby (~> 1.0, >= 1.0.2)
      connection_pool (>= 2.2.5)
      drb
      i18n (>= 1.6, < 2)
      minitest (>= 5.1)
      mutex_m
      tzinfo (~> 2.0)
    addressable (2.8.6)
      public_suffix (>= 2.0.2, < 6.0)
    algolia (2.3.4)
      faraday (>= 0.15, < 3)
      faraday-net_http_persistent (>= 0.15, < 3)
      multi_json (~> 1.0)
      net-http-persistent
    aws-eventstream (1.3.0)
    aws-partitions (1.883.0)
    aws-sdk-core (3.191.0)
      aws-eventstream (~> 1, >= 1.3.0)
      aws-partitions (~> 1, >= 1.651.0)
      aws-sigv4 (~> 1.8)
      jmespath (~> 1, >= 1.6.1)
    aws-sdk-kms (1.77.0)
      aws-sdk-core (~> 3, >= 3.191.0)
      aws-sigv4 (~> 1.1)
    aws-sdk-s3 (1.114.0)
      aws-sdk-core (~> 3, >= 3.127.0)
      aws-sdk-kms (~> 1)
      aws-sigv4 (~> 1.4)
    aws-sigv4 (1.8.0)
      aws-eventstream (~> 1, >= 1.0.2)
    base64 (0.2.0)
    bcp47 (0.3.3)
      i18n
    bibtex-ruby (6.1.0)
      latex-decode (~> 0.0)
      racc (~> 1.7)
    bigdecimal (3.1.6)
    builder (3.2.4)
    cnccs (0.1.6)
    concurrent-ruby (1.2.3)
    connection_pool (2.4.1)
    crack (0.4.5)
      rexml
    date (3.3.4)
    diff-lcs (1.5.0)
    docile (1.4.0)
    domain_name (0.6.20240107)
    drb (2.2.0)
      ruby2_keywords
    ebnf (2.3.5)
      htmlentities (~> 4.3)
      rdf (~> 3.2)
      scanf (~> 1.0)
      sxp (~> 1.2)
      unicode-types (~> 1.8)
    faraday (2.7.12)
      base64
      faraday-net_http (>= 2.0, < 3.1)
      ruby2_keywords (>= 0.0.4)
    faraday-follow_redirects (0.1.0)
      faraday (>= 2, < 3)
    faraday-net_http (3.0.2)
    faraday-net_http_persistent (2.1.0)
      faraday (~> 2.5)
      net-http-persistent (~> 4.0)
    gb-agencies (0.0.7)
    graphql (1.13.6)
    graphql-client (0.16.0)
      activesupport (>= 3.0)
      graphql (~> 1.8)
    haml (6.3.0)
      temple (>= 0.8.2)
      thor
      tilt
    hamster (3.0.0)
      concurrent-ruby (~> 1.0)
    hashdiff (1.1.0)
    htmlentities (4.3.4)
    http-cookie (1.0.5)
      domain_name (~> 0.5)
    i18n (1.14.1)
      concurrent-ruby (~> 1.0)
    iso639 (1.3.2)
    isoics (0.1.13)
    jmespath (1.6.2)
    json-canonicalization (0.4.0)
    json-ld (3.2.5)
      htmlentities (~> 4.3)
      json-canonicalization (~> 0.3, >= 0.3.2)
      link_header (~> 0.0, >= 0.0.8)
      multi_json (~> 1.15)
      rack (>= 2.2, < 4)
      rdf (~> 3.2, >= 3.2.10)
    json-ld-preloaded (3.2.2)
      json-ld (~> 3.2)
      rdf (~> 3.2)
    latex-decode (0.4.0)
    ld-patch (3.2.2)
      ebnf (~> 2.3)
      rdf (~> 3.2)
      rdf-xsd (~> 3.2)
      sparql (~> 3.2)
      sxp (~> 1.2)
    link_header (0.0.8)
    linkeddata (3.2.2)
      json-ld (~> 3.2, >= 3.2.5)
      json-ld-preloaded (~> 3.2, >= 3.2.2)
      ld-patch (~> 3.2, >= 3.2.2)
      nokogiri (~> 1.13, >= 1.13.8)
      rdf (~> 3.2, >= 3.2.1)
      rdf-aggregate-repo (~> 3.2, >= 3.2.1)
      rdf-hamster-repo (~> 3.2, >= 3.2.1)
      rdf-isomorphic (~> 3.2, >= 3.2.1)
      rdf-json (~> 3.2)
      rdf-microdata (~> 3.2, >= 3.2.1)
      rdf-n3 (~> 3.2, >= 3.2.1)
      rdf-normalize (~> 0.6, >= 0.6.1)
      rdf-ordered-repo (~> 3.2, >= 3.2.1)
      rdf-rdfa (~> 3.2, >= 3.2.3)
      rdf-rdfxml (~> 3.2, >= 3.2.2)
      rdf-reasoner (~> 0.8)
      rdf-tabular (~> 3.2, >= 3.2.1)
      rdf-trig (~> 3.2)
      rdf-trix (~> 3.2)
      rdf-turtle (~> 3.2, >= 3.2.1)
      rdf-vocab (~> 3.2, >= 3.2.7)
      rdf-xsd (~> 3.2, >= 3.2.1)
      shacl (~> 0.3)
      shex (~> 0.7, >= 0.7.1)
      sparql (~> 3.2, >= 3.2.6)
      sparql-client (~> 3.2, >= 3.2.2)
      yaml-ld (~> 0.0)
    logger (1.6.0)
    matrix (0.4.2)
    mechanize (2.8.5)
      addressable (~> 2.8)
      domain_name (~> 0.5, >= 0.5.20190701)
      http-cookie (~> 1.0, >= 1.0.3)
      mime-types (~> 3.0)
      net-http-digest_auth (~> 1.4, >= 1.4.1)
      net-http-persistent (>= 2.5.2, < 5.0.dev)
      nokogiri (~> 1.11, >= 1.11.2)
      rubyntlm (~> 0.6, >= 0.6.3)
      webrick (~> 1.7)
      webrobots (~> 0.1.2)
    mime-types (3.5.2)
      mime-types-data (~> 3.2015)
    mime-types-data (3.2023.1205)
    mini_portile2 (2.8.5)
    minitest (5.21.2)
    multi_json (1.15.0)
    mutex_m (0.2.0)
    net-ftp (0.1.4)
      net-protocol
      time
    net-http-digest_auth (1.4.1)
    net-http-persistent (4.0.2)
      connection_pool (~> 2.2)
    net-protocol (0.2.2)
      timeout
    nokogiri (1.15.5)
      mini_portile2 (~> 2.8.2)
      racc (~> 1.4)
    nokogiri (1.15.5-x86_64-darwin)
      racc (~> 1.4)
    parslet (2.0.0)
    psych (5.1.2)
      stringio
    pubid-core (1.12.3)
      parslet
    pubid-iso (0.7.3)
      parslet
      pubid-core (~> 1.12.3)
    public_suffix (5.0.4)
    racc (1.7.3)
    rack (3.0.8)
    rdf (3.2.11)
      link_header (~> 0.0, >= 0.0.8)
    rdf-aggregate-repo (3.2.1)
      rdf (~> 3.2)
    rdf-hamster-repo (3.2.1)
      hamster (~> 3.0)
      rdf (~> 3.2, >= 3.2.1)
    rdf-isomorphic (3.2.1)
      rdf (~> 3.2)
    rdf-json (3.2.0)
      rdf (~> 3.2)
    rdf-microdata (3.2.1)
      htmlentities (~> 4.3)
      nokogiri (~> 1.13)
      rdf (~> 3.2)
      rdf-rdfa (~> 3.2)
      rdf-xsd (~> 3.2)
    rdf-n3 (3.2.1)
      ebnf (~> 2.2)
      rdf (~> 3.2)
      sparql (~> 3.2)
      sxp (~> 1.2)
    rdf-normalize (0.6.1)
      rdf (~> 3.2)
    rdf-ordered-repo (3.2.1)
      rdf (~> 3.2, >= 3.2.1)
    rdf-rdfa (3.2.3)
      haml (>= 5.2, < 7)
      htmlentities (~> 4.3)
      rdf (~> 3.2)
      rdf-aggregate-repo (~> 3.2)
      rdf-vocab (~> 3.2)
      rdf-xsd (~> 3.2)
    rdf-rdfxml (3.2.2)
      builder (~> 3.2)
      htmlentities (~> 4.3)
      rdf (~> 3.2)
      rdf-xsd (~> 3.2)
    rdf-reasoner (0.8.0)
      rdf (~> 3.2)
      rdf-xsd (~> 3.2)
    rdf-tabular (3.2.1)
      addressable (~> 2.8)
      bcp47 (~> 0.3, >= 0.3.3)
      json-ld (~> 3.2)
      rdf (~> 3.2, >= 3.2.7)
      rdf-vocab (~> 3.2)
      rdf-xsd (~> 3.2)
    rdf-trig (3.2.0)
      ebnf (~> 2.2)
      rdf (~> 3.2)
      rdf-turtle (~> 3.2)
    rdf-trix (3.2.0)
      rdf (~> 3.2)
      rdf-xsd (~> 3.2)
    rdf-turtle (3.2.1)
      ebnf (~> 2.3)
      rdf (~> 3.2)
    rdf-vocab (3.2.7)
      rdf (~> 3.2, >= 3.2.4)
    rdf-xsd (3.2.1)
      rdf (~> 3.2)
      rexml (~> 3.2)
    relaton (1.18.0)
      relaton-3gpp (~> 1.18.0)
      relaton-bipm (~> 1.18.0)
      relaton-bsi (~> 1.18.0)
      relaton-calconnect (~> 1.18.0)
      relaton-ccsds (~> 1.18.0)
      relaton-cen (~> 1.18.0)
      relaton-cie (~> 1.18.0)
      relaton-doi (~> 1.18.0)
      relaton-ecma (~> 1.18.0)
      relaton-etsi (~> 1.18.0)
      relaton-gb (~> 1.18.0)
      relaton-iana (~> 1.18.0)
      relaton-iec (~> 1.18.0)
      relaton-ieee (~> 1.18.0)
      relaton-ietf (~> 1.18.0)
      relaton-iho (~> 1.18.0)
      relaton-isbn (~> 1.18.0)
      relaton-iso (~> 1.18.0)
      relaton-itu (~> 1.18.0)
      relaton-jis (~> 1.18.0)
      relaton-nist (~> 1.18.0)
      relaton-oasis (~> 1.18.0)
      relaton-ogc (~> 1.18.0)
      relaton-omg (~> 1.18.0)
      relaton-un (~> 1.18.0)
      relaton-w3c (~> 1.18.0)
      relaton-xsf (~> 1.18.0)
    relaton-3gpp (1.18.0)
      net-ftp (~> 0.1.0)
      relaton-bib (~> 1.18.0)
      relaton-index (~> 0.2.0)
    relaton-bib (1.18.1)
      addressable
      bibtex-ruby
      htmlentities
      iso639
      nokogiri (~> 1.15.0)
    relaton-bipm (1.18.0)
      faraday (~> 2.7.0)
      mechanize (~> 2.8.0)
      parslet (~> 2.0.0)
      relaton-bib (~> 1.18.0)
      relaton-index (~> 0.2.2)
      rubyzip (~> 2.3.0)
    relaton-bsi (1.18.0)
      algolia (~> 2.3.0)
      graphql (= 1.13.6)
      graphql-client (~> 0.16.0)
      relaton-iso-bib (~> 1.18.0)
    relaton-calconnect (1.18.0)
      faraday (~> 2.7.0)
      relaton-bib (~> 1.18.0)
      relaton-index (~> 0.2.0)
    relaton-ccsds (1.18.0)
      mechanize (~> 2.7)
      relaton-bib (~> 1.18.0)
      relaton-index (~> 0.2.0)
    relaton-cen (1.18.0)
      mechanize (~> 2.8.0)
      relaton-iso-bib (~> 1.18.0)
    relaton-cie (1.18.0)
      mechanize (~> 2.8.0)
      parslet (~> 2.0.0)
      relaton-bib (~> 1.18.0)
      relaton-index (~> 0.2.0)
    relaton-doi (1.18.0)
      relaton-bib (~> 1.18.0)
      relaton-bipm (~> 1.18.0)
      relaton-ieee (~> 1.18.0)
      relaton-ietf (~> 1.18.0)
      relaton-nist (~> 1.18.0)
      serrano (~> 1.4.0)
    relaton-ecma (1.18.0)
      mechanize (~> 2.8.0)
      relaton-bib (~> 1.18.0)
      relaton-index (~> 0.2.4)
    relaton-etsi (1.18.0)
      relaton-bib (~> 1.18.0)
      relaton-index (~> 0.2.7)
    relaton-gb (1.18.0)
      cnccs (~> 0.1.1)
      gb-agencies (~> 0.0.1)
      relaton-iso-bib (~> 1.18.0)
    relaton-iana (1.18.0)
      faraday (~> 2.7.0)
      relaton-bib (~> 1.18.0)
      relaton-index (~> 0.2.0)
    relaton-iec (1.18.0)
      addressable
      relaton-index (~> 0.2.0)
      relaton-iso-bib (~> 1.18.0)
      rubyzip
    relaton-ieee (1.18.0)
      faraday (~> 2.7.0)
      mini_portile2 (~> 2.8.0)
      relaton-bib (~> 1.18.0)
      relaton-index (~> 0.2.0)
      rubyzip (~> 2.3.0)
    relaton-ietf (1.18.0)
      relaton-bib (~> 1.18.0)
      relaton-index (~> 0.2.3)
    relaton-iho (1.18.0)
      relaton-bib (~> 1.18.0)
      relaton-index (~> 0.2.0)
    relaton-index (0.2.12)
      rubyzip (~> 2.3.0)
    relaton-isbn (1.18.0)
      relaton-bib (~> 1.18.0)
    relaton-iso (1.18.0)
      algolia (~> 2.3.0)
      pubid-iso (~> 0.7.0)
      relaton-index (~> 0.2.12)
      relaton-iso-bib (~> 1.18.0)
    relaton-iso-bib (1.18.0)
      isoics (~> 0.1.6)
      relaton-bib (~> 1.18.0)
    relaton-itu (1.18.0)
      mechanize (~> 2.8.0)
      parslet (~> 2.0.0)
      relaton-bib (~> 1.18.0)
      relaton-index (~> 0.2.0)
    relaton-jis (1.18.0)
      mechanize (~> 2.8.0)
      relaton-iso-bib (~> 1.18.0)
    relaton-nist (1.18.0)
      relaton-bib (~> 1.18.0)
      relaton-index (~> 0.2.0)
      rubyzip
    relaton-oasis (1.18.0)
      mechanize (~> 2.8.0)
      multi_json (~> 1.15.0)
      relaton-bib (~> 1.18.0)
      relaton-index (~> 0.2.0)
    relaton-ogc (1.18.0)
      faraday (~> 2.7.0)
      relaton-index (~> 0.2.0)
      relaton-iso-bib (~> 1.18.0)
    relaton-omg (1.18.0)
      relaton-bib (~> 1.18.0)
    relaton-un (1.18.0)
      addressable (~> 2.8.0)
      faraday (~> 2.7.0)
      http-cookie (~> 1.0.5)
      relaton-bib (~> 1.18.0)
      unf_ext (>= 0.0.7.7)
    relaton-w3c (1.18.0)
      linkeddata (~> 3.2.0)
      mechanize (~> 2.8.0)
      rdf (~> 3.2.0)
      rdf-normalize (~> 0.6.0)
      relaton-bib (~> 1.18.0)
      relaton-index (~> 0.2.8)
      rubyzip (~> 2.3.0)
      shex (~> 0.7.0)
      sparql (~> 3.2.0)
    relaton-xsf (1.18.0)
      mechanize (~> 2.8.0)
      relaton-bib (~> 1.18.0)
      relaton-index (~> 0.2.0)
    rexml (3.2.6)
    rspec (3.12.0)
      rspec-core (~> 3.12.0)
      rspec-expectations (~> 3.12.0)
      rspec-mocks (~> 3.12.0)
    rspec-core (3.12.2)
      rspec-support (~> 3.12.0)
    rspec-expectations (3.12.3)
      diff-lcs (>= 1.2.0, < 2.0)
      rspec-support (~> 3.12.0)
    rspec-mocks (3.12.6)
      diff-lcs (>= 1.2.0, < 2.0)
      rspec-support (~> 3.12.0)
    rspec-support (3.12.1)
    ruby2_keywords (0.0.5)
    rubyntlm (0.6.3)
    rubyzip (2.3.2)
    scanf (1.0.0)
    serrano (1.4)
      faraday (~> 2.2)
      faraday-follow_redirects (~> 0.1.0)
      multi_json (~> 1.15)
      rexml (~> 3.2, >= 3.2.5)
      thor (~> 1.2, >= 1.2.1)
    shacl (0.3.0)
      json-ld (~> 3.2)
      rdf (~> 3.2, >= 3.2.8)
      sparql (~> 3.2, >= 3.2.4)
      sxp (~> 1.2)
    shex (0.7.1)
      ebnf (~> 2.2)
      htmlentities (~> 4.3)
      json-ld (~> 3.2)
      json-ld-preloaded (~> 3.2)
      rdf (~> 3.2)
      rdf-xsd (~> 3.2)
      sparql (~> 3.2)
      sxp (~> 1.2)
    simplecov (0.22.0)
      docile (~> 1.1)
      simplecov-html (~> 0.11)
      simplecov_json_formatter (~> 0.1)
    simplecov-html (0.12.3)
    simplecov_json_formatter (0.1.4)
    sparql (3.2.6)
      builder (~> 3.2, >= 3.2.4)
      ebnf (~> 2.3, >= 2.3.5)
      logger (~> 1.5)
      rdf (~> 3.2, >= 3.2.11)
      rdf-aggregate-repo (~> 3.2, >= 3.2.1)
      rdf-xsd (~> 3.2)
      sparql-client (~> 3.2, >= 3.2.2)
      sxp (~> 1.2, >= 1.2.4)
    sparql-client (3.2.2)
      net-http-persistent (~> 4.0, >= 4.0.2)
      rdf (~> 3.2, >= 3.2.11)
    stringio (3.1.0)
    sxp (1.2.4)
      matrix (~> 0.4)
      rdf (~> 3.2)
    temple (0.10.3)
    thor (1.3.0)
    tilt (2.3.0)
    time (0.3.0)
      date
    timeout (0.4.1)
    tzinfo (2.0.6)
      concurrent-ruby (~> 1.0)
    unf_ext (0.0.9.1)
    unicode-types (1.9.0)
    vcr (6.2.0)
    webmock (3.19.1)
      addressable (>= 2.8.0)
      crack (>= 0.3.2)
      hashdiff (>= 0.4.0, < 2.0.0)
    webrick (1.8.1)
    webrobots (0.1.2)
    yaml-ld (0.0.2)
      json-ld (~> 3.2, >= 3.2.3)
      psych (>= 3.3)
      rdf (~> 3.2, >= 3.2.9)
      rdf-xsd (~> 3.2)

PLATFORMS
  ruby
  x86_64-darwin-20

DEPENDENCIES
  aws-sdk-s3 (~> 1.114.0)
  relaton (~> 1.18.0)
  rspec
  simplecov
  vcr
  webmock

BUNDLED WITH
   2.2.21
