GEM
  remote: https://rubygems.org/
  specs:
    addressable (2.7.0)
      public_suffix (>= 2.0.2, < 5.0)
    aws-eventstream (1.1.1)
    aws-partitions (1.472.0)
    aws-sdk-core (3.115.0)
      aws-eventstream (~> 1, >= 1.0.2)
      aws-partitions (~> 1, >= 1.239.0)
      aws-sigv4 (~> 1.1)
      jmespath (~> 1.0)
    aws-sdk-kms (1.44.0)
      aws-sdk-core (~> 3, >= 3.112.0)
      aws-sigv4 (~> 1.1)
    aws-sdk-s3 (1.96.1)
      aws-sdk-core (~> 3, >= 3.112.0)
      aws-sdk-kms (~> 1)
      aws-sigv4 (~> 1.1)
    aws-sigv4 (1.2.3)
      aws-eventstream (~> 1, >= 1.0.2)
    bibtex-ruby (6.0.0)
      latex-decode (~> 0.0)
    cnccs (0.1.6)
    connection_pool (2.2.5)
    crack (0.4.5)
      rexml
    diff-lcs (1.4.4)
    docile (1.4.0)
    domain_name (0.5.20190701)
      unf (>= 0.0.5, < 1.0.0)
    faraday (1.4.3)
      faraday-em_http (~> 1.0)
      faraday-em_synchrony (~> 1.0)
      faraday-excon (~> 1.1)
      faraday-net_http (~> 1.0)
      faraday-net_http_persistent (~> 1.1)
      multipart-post (>= 1.2, < 3)
      ruby2_keywords (>= 0.0.4)
    faraday-em_http (1.0.0)
    faraday-em_synchrony (1.0.0)
    faraday-excon (1.1.0)
    faraday-net_http (1.0.1)
    faraday-net_http_persistent (1.1.0)
    faraday_middleware (1.0.0)
      faraday (~> 1.0)
    gb-agencies (0.0.7)
    hashdiff (1.0.1)
    http-cookie (1.0.4)
      domain_name (~> 0.5)
    iso639 (1.3.2)
    isoics (0.1.9)
    jmespath (1.4.0)
    latex-decode (0.3.2)
    mechanize (2.7.7)
      domain_name (~> 0.5, >= 0.5.1)
      http-cookie (~> 1.0)
      mime-types (>= 1.17.2)
      net-http-digest_auth (~> 1.1, >= 1.1.1)
      net-http-persistent (>= 2.5.2)
      nokogiri (~> 1.6)
      ntlm-http (~> 0.1, >= 0.1.1)
      webrick (~> 1.7)
      webrobots (>= 0.0.9, < 0.2)
    mime-types (3.3.1)
      mime-types-data (~> 3.2015)
    mime-types-data (3.2021.0225)
    multi_json (1.15.0)
    multipart-post (2.1.1)
    net-http-digest_auth (1.4.1)
    net-http-persistent (4.0.1)
      connection_pool (~> 2.2)
    nokogiri (1.11.7-x86_64-darwin)
      racc (~> 1.4)
    ntlm-http (0.1.1)
    public_suffix (4.0.6)
    racc (1.5.2)
    relaton (1.8.pre2)
      aws-sdk-s3 (~> 1.96.0)
      relaton-bipm (~> 1.8.0)
      relaton-bsi (~> 1.8.0)
      relaton-calconnect (~> 1.8.0)
      relaton-cen (~> 1.8.pre1)
      relaton-cie (~> 1.8.0)
      relaton-ecma (~> 1.8.0)
      relaton-gb (~> 1.8.0)
      relaton-iec (>= 1.8.0)
      relaton-ieee (~> 1.8.0)
      relaton-ietf (~> 1.8.0)
      relaton-iho (~> 1.8.0)
      relaton-iso (>= 1.8.0)
      relaton-itu (>= 1.8.0)
      relaton-nist (>= 1.8.0)
      relaton-ogc (~> 1.8.0)
      relaton-omg (~> 1.8.0)
      relaton-un (~> 1.8.0)
      relaton-w3c (~> 1.8.0)
    relaton-bib (1.8.2)
      addressable
      bibtex-ruby
      iso639
      nokogiri
    relaton-bipm (1.8.1)
      mechanize (~> 2.7.0)
      relaton-bib (~> 1.8.0)
      serrano (~> 1.0)
    relaton-bsi (1.8.3)
      mechanize (~> 2.7.0)
      relaton-iso-bib (~> 1.8.0)
    relaton-calconnect (1.8.0)
      faraday
      relaton-bib (~> 1.8.0)
    relaton-cen (1.8.pre1)
      mechanize
      relaton-iso-bib (~> 1.8.0)
    relaton-cie (1.8.0)
      relaton-bib (~> 1.8.0)
    relaton-ecma (1.8.0)
      relaton-bib (~> 1.8.0)
    relaton-gb (1.8.1)
      cnccs (~> 0.1.1)
      gb-agencies (~> 0.0.1)
      relaton-iso-bib (>= 1.8.0)
    relaton-iec (1.8.0)
      addressable
      relaton-iso-bib (~> 1.8.0)
    relaton-ieee (1.8.0)
      faraday (~> 1.1)
      relaton-bib (~> 1.8.0)
    relaton-ietf (1.8.0)
      relaton-bib (~> 1.8.0)
    relaton-iho (1.8.0)
      relaton-bib (~> 1.8.0)
    relaton-iso (1.8.0)
      relaton-iso-bib (~> 1.8.0)
    relaton-iso-bib (1.8.1)
      isoics (~> 0.1.6)
      relaton-bib (~> 1.8.0)
    relaton-itu (1.8.1)
      mechanize (~> 2.7.0)
      relaton-bib (~> 1.8.0)
    relaton-nist (1.8.0)
      relaton-bib (~> 1.8.0)
      rubyzip
    relaton-ogc (1.8.0)
      faraday (~> 1.1)
      relaton-iso-bib (~> 1.8.0)
    relaton-omg (1.8.0)
      relaton-bib (~> 1.8.0)
    relaton-un (1.8.0)
      faraday
      http-cookie
      relaton-bib (~> 1.8.0)
      unf_ext (>= 0.0.7.7)
    relaton-w3c (1.8.0)
      relaton-bib (>= 1.8.0)
    rexml (3.2.5)
    rspec (3.10.0)
      rspec-core (~> 3.10.0)
      rspec-expectations (~> 3.10.0)
      rspec-mocks (~> 3.10.0)
    rspec-core (3.10.1)
      rspec-support (~> 3.10.0)
    rspec-expectations (3.10.1)
      diff-lcs (>= 1.2.0, < 2.0)
      rspec-support (~> 3.10.0)
    rspec-mocks (3.10.2)
      diff-lcs (>= 1.2.0, < 2.0)
      rspec-support (~> 3.10.0)
    rspec-support (3.10.2)
    ruby2_keywords (0.0.4)
    rubyzip (2.3.0)
    serrano (1.0.0)
      faraday (~> 1.1)
      faraday_middleware (~> 1.0)
      multi_json (~> 1.15)
      thor (~> 1.0, >= 1.0.1)
    simplecov (0.21.2)
      docile (~> 1.1)
      simplecov-html (~> 0.11)
      simplecov_json_formatter (~> 0.1)
    simplecov-html (0.12.3)
    simplecov_json_formatter (0.1.3)
    thor (1.1.0)
    unf (0.1.4)
      unf_ext
    unf_ext (0.0.7.7)
    vcr (6.0.0)
    webmock (3.13.0)
      addressable (>= 2.3.6)
      crack (>= 0.3.2)
      hashdiff (>= 0.4.0, < 2.0.0)
    webrick (1.7.0)
    webrobots (0.1.2)

PLATFORMS
  x86_64-darwin-20

DEPENDENCIES
  relaton (= 1.8.pre2)
  rspec
  simplecov
  vcr
  webmock

BUNDLED WITH
   2.2.21
