GEM
  remote: https://rubygems.org/
  specs:
    addressable (2.7.0)
      public_suffix (>= 2.0.2, < 5.0)
    bibtex-ruby (6.0.0)
      latex-decode (~> 0.0)
    cnccs (0.1.6)
    diff-lcs (1.4.4)
    domain_name (0.5.20190701)
      unf (>= 0.0.5, < 1.0.0)
    faraday (1.0.1)
      multipart-post (>= 1.2, < 3)
    gb-agencies (0.0.7)
    http-cookie (1.0.3)
      domain_name (~> 0.5)
    iso639 (1.3.2)
    isoics (0.1.9)
    latex-decode (0.3.2)
    mini_portile2 (2.4.0)
    multipart-post (2.1.1)
    nio4r (2.5.5)
    nokogiri (1.10.10)
      mini_portile2 (~> 2.4.0)
    public_suffix (4.0.6)
    puma (5.2.1)
      nio4r (~> 2.0)
    rack (2.2.3)
    rack-test (1.1.0)
      rack (>= 1.0, < 3)
    relaton (1.7.3)
      relaton-bipm (~> 1.7.0)
      relaton-calconnect (~> 1.7.0)
      relaton-ecma (= 1.7.pre1)
      relaton-gb (~> 1.7.0)
      relaton-iec (>= 1.7.6)
      relaton-ieee (~> 1.7.0)
      relaton-ietf (~> 1.7.0)
      relaton-iho (~> 1.7.0)
      relaton-iso (>= 1.7.1)
      relaton-itu (>= 1.7.2)
      relaton-nist (>= 1.7.1)
      relaton-ogc (~> 1.7.0)
      relaton-omg (~> 1.7.0)
      relaton-un (~> 1.7.0)
      relaton-w3c (~> 1.7.0)
    relaton-bib (1.7.1)
      addressable
      bibtex-ruby
      iso639
      nokogiri
    relaton-bipm (1.7.0)
      relaton-bib (~> 1.7.0)
    relaton-calconnect (1.7.0)
      faraday
      relaton-bib (~> 1.7.0)
    relaton-ecma (1.7.pre1)
      relaton-bib (~> 1.7.0)
    relaton-gb (1.7.0)
      cnccs (~> 0.1.1)
      gb-agencies (~> 0.0.1)
      relaton-iso-bib (>= 1.7.0)
    relaton-iec (1.7.6)
      addressable
      relaton-iso-bib (~> 1.7.0)
    relaton-ieee (1.7.1)
      faraday (~> 1.0.0)
      relaton-bib (~> 1.7.0)
    relaton-ietf (1.7.2)
      relaton-bib (~> 1.7.0)
    relaton-iho (1.7.0)
      relaton-bib (~> 1.7.0)
    relaton-iso (1.7.2)
      relaton-iec (~> 1.7.0)
      relaton-iso-bib (~> 1.7.0)
    relaton-iso-bib (1.7.0)
      isoics (~> 0.1.6)
      relaton-bib (~> 1.7.0)
    relaton-itu (1.7.3)
      relaton-bib (~> 1.7.0)
    relaton-nist (1.7.2)
      relaton-bib (~> 1.7.0)
      rubyzip
    relaton-ogc (1.7.0)
      faraday (~> 1.0.0)
      relaton-iso-bib (~> 1.7.0)
    relaton-omg (1.7.0)
      relaton-bib (~> 1.7.0)
    relaton-un (1.7.0)
      faraday
      http-cookie
      relaton-bib (~> 1.7.0)
      unf_ext (>= 0.0.7.7)
    relaton-w3c (1.7.0)
      relaton-bib (>= 1.7.0)
    rspec (3.10.0)
      rspec-core (~> 3.10.0)
      rspec-expectations (~> 3.10.0)
      rspec-mocks (~> 3.10.0)
    rspec-core (3.10.1)
      rspec-support (~> 3.10.0)
    rspec-expectations (3.10.1)
      diff-lcs (>= 1.2.0, < 2.0)
      rspec-support (~> 3.10.0)
    rspec-mocks (3.10.2)
      diff-lcs (>= 1.2.0, < 2.0)
      rspec-support (~> 3.10.0)
    rspec-support (3.10.2)
    rubyzip (2.3.0)
    unf (0.1.4)
      unf_ext
    unf_ext (0.0.7.7)

PLATFORMS
  ruby

DEPENDENCIES
  puma
  rack
  rack-test
  relaton
  rspec

BUNDLED WITH
   2.1.4
